GEM
  remote: http://rubygems.org/
  specs:
    activemodel (3.0.0.rc)
      activesupport (= 3.0.0.rc)
      builder (~> 2.1.2)
      i18n (~> 0.4.1)
    activerecord (3.0.0.rc)
      activemodel (= 3.0.0.rc)
      activesupport (= 3.0.0.rc)
      arel (~> 0.4.0)
      tzinfo (~> 0.3.22)
    activesupport (3.0.0.rc)
    arel (0.4.0)
      activesupport (>= 3.0.0.beta)
    builder (2.1.2)
    diff-lcs (1.1.2)
    gemcutter (0.6.1)
    git (1.2.5)
    i18n (0.4.1)
    jeweler (1.4.0)
      gemcutter (>= 0.1.0)
      git (>= 1.2.5)
      rubyforge (>= 2.0.0)
    json_pure (1.4.6)
    nokogiri (1.4.3.1)
    rack (1.2.1)
    rack-test (0.5.4)
      rack (>= 1.0)
    rake (0.8.7)
    rspec (2.0.0.beta.11)
      rspec-core (= 2.0.0.beta.11)
      rspec-expectations (= 2.0.0.beta.11)
      rspec-mocks (= 2.0.0.beta.11)
    rspec-core (2.0.0.beta.11)
    rspec-expectations (2.0.0.beta.11)
      diff-lcs (>= 1.1.2)
    rspec-mocks (2.0.0.beta.11)
    rspec-rails (2.0.0.beta.11)
      rspec (= 2.0.0.beta.11)
      webrat (>= 0.7.0)
    rubyforge (2.0.4)
      json_pure (>= 1.1.7)
    sqlite3-ruby (1.2.5)
    tzinfo (0.3.23)
    webrat (0.7.1)
      nokogiri (>= 1.2.0)
      rack (>= 1.0)
      rack-test (>= 0.5.3)

PLATFORMS
  ruby

DEPENDENCIES
  activemodel (= 3.0.0.rc)
  activerecord (= 3.0.0.rc)
  activesupport (= 3.0.0.rc)
  jeweler (= 1.4.0)
  rake (= 0.8.7)
  rspec (= 2.0.0.beta.11)
  rspec-core (= 2.0.0.beta.11)
  rspec-expectations (= 2.0.0.beta.11)
  rspec-mocks (= 2.0.0.beta.11)
  rspec-rails (= 2.0.0.beta.11)
  sqlite3-ruby (= 1.2.5)
